GEM
  remote: https://rubygems.org/
  specs:
    colorize (0.8.1)
    rspec-core (3.10.1)
      rspec-support (~> 3.10.0)
    rspec-support (3.10.2)
    thor (1.1.0)
    total (0.3.0)

PLATFORMS
  x86_64-linux

DEPENDENCIES
  colorize
  rspec-core
  thor
  total (~> 0.3.0)

BUNDLED WITH
   2.2.8
